GEM
  remote: https://rubygems.org/
  specs:
    fast-stemmer (1.0.2)
    glove (0.1.1)
      fast-stemmer (~> 1.0)
      parallel (~> 1.3)
      rb-gsl (~> 1.16)
    gsl (2.1.0.1)
    json (1.8.3)
    parallel (1.9.0)
    rack (1.6.4)
    rack-protection (1.5.3)
      rack
    rb-gsl (1.16.0.6)
      gsl
    sinatra (1.4.6)
      rack (~> 1.4)
      rack-protection (~> 1.4)
      tilt (>= 1.3, < 3)
    tilt (1.4.1)

PLATFORMS
  ruby

DEPENDENCIES
  glove
  json
  sinatra

BUNDLED WITH
   1.12.5
