GEM
  remote: https://rubygems.org/
  specs:
    fast-stemmer (1.0.2)
    glove (0.1.1)
      fast-stemmer (~> 1.0)
      parallel (~> 1.3)
      rb-gsl (~> 1.16)
    gsl (2.1.0.1)
    matrix (0.0.1)
    parallel (1.9.0)
    rb-gsl (1.16.0.6)
      gsl
    tf-idf-similarity (0.1.5)
      unicode_utils (~> 1.4)
    unicode_utils (1.4.0)

PLATFORMS
  ruby

DEPENDENCIES
  glove
  matrix
  tf-idf-similarity

BUNDLED WITH
   1.10.6
