GEM
  remote: https://rubygems.org/
  specs:
    fast-stemmer (1.0.2)
    glove (0.1.1)
      fast-stemmer (~> 1.0)
      parallel (~> 1.3)
      rb-gsl (~> 1.16)
    gsl (2.1.0.1)
    parallel (1.9.0)
    rb-gsl (1.16.0.6)
      gsl

PLATFORMS
  ruby

DEPENDENCIES
  glove

BUNDLED WITH
   1.12.5
